PATH
  remote: /Users/jbryant/projects/gdash
  specs:
    gdash (0.9.0)
      activesupport
      builder
      haml
      i18n
      json
      redcarpet
      sinatra
      thin
      thor

GEM
  remote: http://rubygems.org/
  specs:
    activesupport (3.2.9)
      i18n (~> 0.6)
      multi_json (~> 1.0)
    builder (3.1.4)
    coderay (1.0.8)
    daemons (1.1.9)
    diff-lcs (1.1.3)
    eventmachine (1.0.0)
    fuubar (1.1.0)
      rspec (~> 2.0)
      rspec-instafail (~> 0.2.0)
      ruby-progressbar (~> 1.0.0)
    guard (1.5.4)
      listen (>= 0.4.2)
      lumberjack (>= 1.0.2)
      pry (>= 0.9.10)
      thor (>= 0.14.6)
    guard-rspec (2.2.0)
      guard (>= 1.1)
      rspec (~> 2.11)
    haml (3.1.7)
    i18n (0.6.1)
    json (1.7.5)
    listen (0.6.0)
    lumberjack (1.0.2)
    method_source (0.8.1)
    multi_json (1.3.7)
    pry (0.9.10)
      coderay (~> 1.0.5)
      method_source (~> 0.8)
      slop (~> 3.3.1)
    rack (1.4.1)
    rack-protection (1.2.0)
      rack
    rake (10.0.2)
    rb-fsevent (0.9.2)
    redcarpet (2.2.2)
    rspec (2.12.0)
      rspec-core (~> 2.12.0)
      rspec-expectations (~> 2.12.0)
      rspec-mocks (~> 2.12.0)
    rspec-core (2.12.0)
    rspec-expectations (2.12.0)
      diff-lcs (~> 1.1.3)
    rspec-instafail (0.2.4)
    rspec-mocks (2.12.0)
    ruby-progressbar (1.0.2)
    ruby_gntp (0.3.4)
    sinatra (1.3.3)
      rack (~> 1.3, >= 1.3.6)
      rack-protection (~> 1.2)
      tilt (~> 1.3, >= 1.3.3)
    slop (3.3.3)
    thin (1.5.0)
      daemons (>= 1.0.9)
      eventmachine (>= 0.12.6)
      rack (>= 1.0.0)
    thor (0.16.0)
    tilt (1.3.3)

PLATFORMS
  ruby

DEPENDENCIES
  fuubar
  gdash!
  guard-rspec
  rake
  rb-fsevent (~> 0.9.1)
  rspec
  ruby_gntp
